GEM
  remote: https://rubygems.org/
  specs:
    ffi (1.11.1)
    listen (3.1.5)
      rb-fsevent (~> 0.9, >= 0.9.4)
      rb-inotify (~> 0.9, >= 0.9.7)
      ruby_dep (~> 1.2)
    rack (2.2.3)
    rb-fsevent (0.10.3)
    rb-inotify (0.10.0)
      ffi (~> 1.0)
    rerun (0.13.0)
      listen (~> 3.0)
    roda (3.22.0)
      rack
    ruby_dep (1.5.0)

PLATFORMS
  ruby

DEPENDENCIES
  rerun (~> 0.13.0)
  roda (~> 3.22.0)

BUNDLED WITH
   2.0.2
